GEM
  remote: http://rubygems.org/
  specs:
    diff-lcs (1.2.4)
    facter (2.5.1)
    hiera (1.3.4)
      json_pure
    hoe (3.17.0)
      rake (>= 0.8, < 13.0)
    json_pure (2.1.0)
    metaclass (0.0.1)
    mocha (0.14.0)
      metaclass (~> 0.0.1)
    puppet (3.8.7)
      facter (> 1.6, < 3)
      hiera (~> 1.0)
      json_pure
    puppet-lint (0.3.2)
    puppetlabs_spec_helper (0.4.1)
      mocha (>= 0.10.5)
      rake
      rspec (>= 2.9.0)
      rspec-puppet (>= 0.1.1)
    rake (10.0.4)
    rspec (2.13.0)
      rspec-core (~> 2.13.0)
      rspec-expectations (~> 2.13.0)
      rspec-mocks (~> 2.13.0)
    rspec-core (2.13.1)
    rspec-expectations (2.13.0)
      diff-lcs (>= 1.1.3, < 2.0)
    rspec-mocks (2.13.1)
    rspec-puppet (0.1.6)
      rspec
    test-unit (2.0.0)
      hoe (>= 1.6.0)
    test-unit (2.0.0.0)

PLATFORMS
  ruby

DEPENDENCIES
  puppet (>= 3.2.2, < 4)
  puppet-lint
  puppetlabs_spec_helper (= 0.4.1)
  rake
  rspec (= 2.13.0)
  rspec-core (= 2.13.1)
  rspec-expectations (= 2.13.0)
  rspec-mocks (= 2.13.1)
  rspec-puppet (= 0.1.6)
  test-unit

BUNDLED WITH
   1.16.1
